GEM
  remote: https://rubygems.org/
  specs:
    actioncable (5.1.6)
      actionpack